PATH
  remote: .
  specs:
    together (0.1.0)
      mandate

GEM
  remote: https://rubygems.org/
  specs:
    mandate (0.1.2)
    metaclass (0.0.4)
    minitest (5.11.3)
    mocha (1.5.0)
      metaclass (~> 0.0.1)
    rake (10.4.2)

PLATFORMS
  ruby

DEPENDENCIES
  bundler (~> 1.16)
  minitest (~> 5.0)
  mocha
  rake (~> 10.0)
  together!

BUNDLED WITH
   1.16.2
